PATH
  remote: ..
  specs:
    evnt (2.0.2)

GEM
  remote: https://rubygems.org/
  specs:

PLATFORMS
  ruby

DEPENDENCIES
  evnt!

BUNDLED WITH
   1.16.0.pre.2
