PATH
  remote: ..
  specs:
    evnt (3.2.6)

GEM
  remote: https://rubygems.org/
  specs:

PLATFORMS
  ruby

DEPENDENCIES
  evnt!

BUNDLED WITH
   1.16.1
